GEM
  remote: http://ruby.taobao.org/
  specs:
    aws-sdk (1.32.0)
      json (~> 1.4)
      nokogiri (>= 1.4.4)
      uuidtools (~> 2.1)
    bcrypt-ruby (3.0.1)
    beefcake (0.3.7)
    blobstore_client (1.2611.0)
      aws-sdk (= 1.32.0)
      bosh_common (~> 1.2611.0)
      fog (~> 1.14.0)
      httpclient (= 2.2.4)
      multi_json (~> 1.1)
      ruby-atmos-pure (~> 1.0.5)
    bosh-core (1.2611.0)
      gibberish (~> 1.2.0)
      yajl-ruby (~> 1.1.0)
    bosh-director (1.2611.0)
      bcrypt-ruby (~> 3.0.1)
      blobstore_client (~> 1.2611.0)
      bosh-core (~> 1.2611.0)
      bosh-director-core (~> 1.2611.0)
      bosh_aws_cpi (~> 1.2611.0)
      bosh_common (~> 1.2611.0)
      bosh_cpi (~> 1.2611.0)
      bosh_openstack_cpi (~> 1.2611.0)
      bosh_vcloud_cpi (~> 0.5.4)
      bosh_vsphere_cpi (~> 1.2611.0)
      bosh_warden_cpi (~> 1.2611.0)
      eventmachine (~> 1.0.0)
      fog (~> 1.14.0)
      httpclient (= 2.2.4)
      membrane (~> 0.0.2)
      nats (~> 0.5.0.beta.12)
      netaddr (~> 1.5.0)
      rack-test (~> 0.6.2)
      rake
      redis (~> 3.0.2)
      resque (~> 1.23.0)
      resque-backtrace (~> 0.0.1)
      rufus-scheduler (~> 2.0.18)
      semi_semantic (~> 1.1.0)
      sequel (~> 3.43.0)
      sinatra (~> 1.4.2)
      sys-filesystem (~> 1.1.0)
      thin (~> 1.5.0)
      yajl-ruby (~> 1.1.0)
    bosh-director-core (1.2611.0)
      bosh_common (~> 1.2611.0)
    bosh-registry (1.2611.0)
      aws-sdk (= 1.32.0)
      fog (~> 1.14.0)
      sequel (~> 3.43.0)
      sinatra (~> 1.4.2)
      thin (~> 1.5.0)
      yajl-ruby (~> 1.1.0)
    bosh-stemcell (1.2611.0)
      bosh_aws_cpi (~> 1.2611.0)
    bosh_agent (1.2611.0)
      blobstore_client (~> 1.2611.0)
      bosh-core (~> 1.2611.0)
      bosh_common (~> 1.2611.0)
      crack (~> 0.3.2)
      httpclient (= 2.2.4)
      nats (~> 0.5.0.beta.12)
      netaddr (~> 1.5.0)
      sigar (~> 0.7.2)
      sinatra (~> 1.4.2)
      syslog_protocol (~> 0.9.2)
      thin (~> 1.5.0)
      yajl-ruby (~> 1.1.0)
    bosh_aws_cpi (1.2611.0)
      aws-sdk (= 1.32.0)
      bosh-registry (~> 1.2611.0)
      bosh_common (~> 1.2611.0)
      bosh_cpi (~> 1.2611.0)
      httpclient (= 2.2.4)
      yajl-ruby (>= 0.8.2)
    bosh_cli (1.2611.0)
      blobstore_client (~> 1.2611.0)
      bosh_common (~> 1.2611.0)
      highline (~> 1.6.2)
      httpclient (= 2.2.4)
      json_pure (~> 1.7)
      minitar (~> 0.5.4)
      net-scp (~> 1.1.0)
      net-ssh (>= 2.2.1)
      net-ssh-gateway (~> 1.2.0)
      netaddr (~> 1.5.0)
      progressbar (~> 0.9.0)
      terminal-table (~> 1.4.3)
    bosh_common (1.2611.0)
      semi_semantic (~> 1.1.0)
    bosh_cpi (1.2611.0)
      bosh_common (~> 1.2611.0)
    bosh_openstack_cpi (1.2611.0)
      bosh-registry (~> 1.2611.0)
      bosh_common (~> 1.2611.0)
      bosh_cpi (~> 1.2611.0)
      fog (~> 1.14.0)
      httpclient (= 2.2.4)
      yajl-ruby (>= 0.8.2)
    bosh_vcloud_cpi (0.5.4)
      bosh_common
      bosh_cpi
      builder (~> 3.1.4)
      httpclient (= 2.2.4)
      nokogiri (~> 1.5.6)
      rest-client (~> 1.6.7)
      yajl-ruby (>= 0.8.2)
    bosh_vsphere_cpi (1.2611.0)
      bosh_common (~> 1.2611.0)
      bosh_cpi (~> 1.2611.0)
      builder (~> 3.1.4)
      httpclient (~> 2.2.4)
      membrane (~> 0.0.2)
      mysql2 (~> 0.3.11)
      nokogiri (~> 1.5.10)
      pg (~> 0.15.1)
      sequel (~> 3.43.0)
    bosh_warden_cpi (1.2611.0)
      bosh_common
      bosh_cpi
      sequel
      warden-client
      warden-protocol
      yajl-ruby
    builder (3.1.4)
    crack (0.3.2)
    daemons (1.1.9)
    diff-lcs (1.2.5)
    eventmachine (1.0.3)
    excon (0.25.3)
    ffi (1.9.3)
    fog (1.14.0)
      builder
      excon (~> 0.25.0)
      formatador (~> 0.2.0)
      mime-types
      multi_json (~> 1.0)
      net-scp (~> 1.1)
      net-ssh (>= 2.1.3)
      nokogiri (~> 1.5)
      ruby-hmac
    formatador (0.2.5)
    gibberish (1.2.2)
    highline (1.6.21)
    httpclient (2.2.4)
    json (1.8.1)
    json_pure (1.8.1)
    log4r (1.1.10)
    membrane (0.0.5)
    mime-types (2.3)
    minitar (0.5.4)
    multi_json (1.10.1)
    mysql2 (0.3.16)
    nats (0.5.0.beta.12)
      daemons (>= 1.1.9)
      eventmachine (>= 1.0.3)
      json_pure (>= 1.8.0)
      thin (>= 1.5.0)
    net-scp (1.1.2)
      net-ssh (>= 2.6.5)
    net-ssh (2.9.1)
    net-ssh-gateway (1.2.0)
      net-ssh (>= 2.6.5)
    netaddr (1.5.0)
    nokogiri (1.5.11)
    pg (0.15.1)
    progressbar (0.9.2)
    rack (1.5.2)
    rack-protection (1.5.3)
      rack
    rack-test (0.6.2)
      rack (>= 1.0)
    rake (10.3.2)
    redis (3.0.7)
    redis-namespace (1.4.1)
      redis (~> 3.0.4)
    resque (1.23.1)
      multi_json (~> 1.0)
      redis-namespace (~> 1.0)
      sinatra (>= 0.9.2)
      vegas (~> 0.1.2)
    resque-backtrace (0.0.1)
      resque (>= 1.0)
    rest-client (1.6.7)
      mime-types (>= 1.16)
    rspec (3.0.0)
      rspec-core (~> 3.0.0)
      rspec-expectations (~> 3.0.0)
      rspec-mocks (~> 3.0.0)
    rspec-core (3.0.2)
      rspec-support (~> 3.0.0)
    rspec-expectations (3.0.2)
      diff-lcs (>= 1.2.0, < 2.0)
      rspec-support (~> 3.0.0)
    rspec-mocks (3.0.2)
      rspec-support (~> 3.0.0)
    rspec-support (3.0.2)
    ruby-atmos-pure (1.0.5)
      log4r (>= 1.1.9)
      ruby-hmac (>= 0.4.0)
    ruby-hmac (0.4.0)
    rufus-scheduler (2.0.24)
      tzinfo (>= 0.3.22)
    semi_semantic (1.1.0)
    sequel (3.43.0)
    sigar (0.7.2)
    sinatra (1.4.5)
      rack (~> 1.4)
      rack-protection (~> 1.4)
      tilt (~> 1.3, >= 1.3.4)
    sys-filesystem (1.1.2)
      ffi
    syslog_protocol (0.9.2)
    terminal-table (1.4.5)
    thin (1.5.1)
      daemons (>= 1.0.9)
      eventmachine (>= 0.12.6)
      rack (>= 1.0.0)
    thread_safe (0.3.4)
    tilt (1.4.1)
    tzinfo (1.2.1)
      thread_safe (~> 0.1)
    uuidtools (2.1.4)
    vegas (0.1.11)
      rack (>= 1.0.0)
    warden-client (0.1.0)
      warden-protocol (~> 0.1.0)
    warden-protocol (0.1.4)
      beefcake (~> 0.3.0)
    yajl-ruby (1.1.0)

PLATFORMS
  ruby

DEPENDENCIES
  blobstore_client
  bosh-core
  bosh-director
  bosh-stemcell
  bosh_agent
  bosh_cli
  rake
  rspec
